GEM
  remote: https://rubygems.org/
  specs:
    diff-lcs (1.3)
    digest-crc (0.5.1)
    domain_name (0.5.20190701)
      unf (>= 0.0.5, < 1.0.0)
    http-accept (1.7.0)
    http-cookie (1.0.3)
      domain_name (~> 0.5)
    httplog (1.4.2)
      rack (>= 1.0)
      rainbow (>= 2.0.0)
    mime-types (3.3.1)
      mime-types-data (~> 3.2015)
    mime-types-data (3.2020.0425)
    net_http_ssl_fix (0.0.10)
    netrc (0.11.0)
    nokogiri (1.12.5)
      racc (~> 1.4)
    racc (1.5.2)
    rack (2.2.2)
    rainbow (3.0.0)
    rest-client (2.1.0)
      http-accept (>= 1.7.0, < 2.0)
      http-cookie (>= 1.0.2, < 2.0)
      mime-types (>= 1.16, < 4.0)
      netrc (~> 0.8)
    rspec (3.9.0)
      rspec-core (~> 3.9.0)
      rspec-expectations (~> 3.9.0)
      rspec-mocks (~> 3.9.0)
    rspec-core (3.9.1)
      rspec-support (~> 3.9.1)
    rspec-expectations (3.9.1)
      diff-lcs (>= 1.2.0, < 2.0)
      rspec-support (~> 3.9.0)
    rspec-mocks (3.9.1)
      diff-lcs (>= 1.2.0, < 2.0)
      rspec-support (~> 3.9.0)
    rspec-support (3.9.2)
    rspec_junit_formatter (0.4.1)
      rspec-core (>= 2, < 4, != 2.12.0)
    ruby-kafka (1.0.0)
      digest-crc
    unf (0.1.4)
      unf_ext
    unf_ext (0.0.7.7)

PLATFORMS
  ruby

DEPENDENCIES
  httplog
  net_http_ssl_fix
  nokogiri
  rest-client
  rspec
  rspec-core
  rspec-expectations
  rspec-mocks
  rspec-support
  rspec_junit_formatter
  ruby-kafka

RUBY VERSION
   ruby 2.6.5p114

BUNDLED WITH
   2.2.8
